GEM
  remote: https://rubygems.org/
  remote: https://packagecloud.io/heroku/gemgate/
  specs:
    activesupport (5.2.1)
      concurrent-ruby (~> 1.0, >= 1.0.2)
      i18n (>= 0.7, < 2)
      minitest (~> 5.1)
      tzinfo (~> 1.1)
    addressable (2.5.2)
      public_suffix (>= 2.0.2, < 4.0)
    backports (3.6.4)
    coffee-script (2.3.0)
      coffee-script-source
      execjs
    coffee-script-source (1.7.1)
    concurrent-ruby (1.0.5)
    crack (0.4.3)
      safe_yaml (~> 1.0.0)
    dalli (2.7.2)
    dotenv (0.11.1)
      dotenv-deployment (~> 0.0.2)
    dotenv-deployment (0.0.2)
    excon (0.45.3)
    execjs (2.2.1)
    faraday (0.12.2)
      multipart-post (>= 1.2, < 3)
    ffi (1.9.25)
    git_hub_integration (0.1.4)
      activesupport
      jwt (= 1.5.1)
      octokit (= 4.6.2)
      rbnacl (~> 5.0)
      redis
    hashdiff (0.3.0)
    hashie (3.5.7)
    heroku-bouncer (0.8.0)
      faraday (~> 0.8)
      omniauth-heroku (~> 0.1)
      rack (>= 1.0, < 3)
      sinatra (>= 1.0, < 3)
    hike (1.2.3)
    i18n (1.1.0)
      concurrent-ruby (~> 1.0)
    jwt (1.5.1)
    minitest (5.11.3)
    multi_json (1.13.1)
    multi_xml (0.6.0)
    multipart-post (2.0.0)
    oauth2 (1.4.0)
      faraday (>= 0.8, < 0.13)
      jwt (~> 1.0)
      multi_json (~> 1.3)
      multi_xml (~> 0.5)
      rack (>= 1.2, < 3)
    octokit (4.6.2)
      sawyer (~> 0.8.0, >= 0.5.3)
    omniauth (1.8.1)
      hashie (>= 3.4.6, < 3.6.0)
      rack (>= 1.6.2, < 3)
    omniauth-heroku (0.3.0)
      omniauth (~> 1.2)
      omniauth-oauth2 (~> 1.2)
    omniauth-oauth2 (1.5.0)
      oauth2 (~> 1.1)
      omniauth (~> 1.2)
    public_suffix (3.0.3)
    puma (2.16.0)
    rack (1.6.11)
    rack-protection (1.5.5)
      rack
    rack-ssl (1.4.1)
      rack
    rack-test (0.6.2)
      rack (>= 1.0)
    rake (10.3.2)
    rbnacl (5.0.0)
      ffi
    redis (4.0.2)
    rubyzip (1.2.1)
    safe_yaml (1.0.4)
    sass (3.3.14)
    sawyer (0.8.1)
      addressable (>= 2.3.5, < 2.6)
      faraday (~> 0.8, < 1.0)
    scrolls (0.3.8)
    sinatra (1.4.8)
      rack (~> 1.5)
      rack-protection (~> 1.4)
      tilt (>= 1.3, < 3)
    sinatra-asset-pipeline (0.4.0)
      coffee-script
      rake
      sass
      sinatra
      sprockets
      sprockets-helpers
      sprockets-sass
    sinatra-contrib (1.4.2)
      backports (>= 2.0)
      multi_json
      rack-protection
      rack-test
      sinatra (~> 1.4.0)
      tilt (~> 1.3)
    sprockets (2.12.5)
      hike (~> 1.2)
      multi_json (~> 1.0)
      rack (~> 1.0)
      tilt (~> 1.1, != 1.3.0)
    sprockets-helpers (1.1.0)
      sprockets (~> 2.0)
    sprockets-sass (1.2.0)
      sprockets (~> 2.0)
      tilt (~> 1.1)
    thread_safe (0.3.6)
    tilt (1.4.1)
    tzinfo (1.2.5)
      thread_safe (~> 0.1)
    webmock (1.24.0)
      addressable (>= 2.3.6)
      crack (>= 0.3.2)
      hashdiff

PLATFORMS
  ruby

DEPENDENCIES
  dalli
  dotenv
  excon
  git_hub_integration (= 0.1.4)!
  heroku-bouncer
  minitest
  octokit
  puma (= 2.16.0)
  rack-ssl
  rack-test
  redis
  rubyzip
  scrolls
  sinatra
  sinatra-asset-pipeline
  sinatra-contrib
  webmock

RUBY VERSION
   ruby 2.5.3p105

BUNDLED WITH
   1.17.1
